PATH
  remote: .
  specs:
    termistat (0.0.2)
      ffi-ncurses

GEM
  remote: http://rubygems.org/
  specs:
    ffi (1.0.9)
    ffi-ncurses (0.3.3)
      ffi (>= 0.6.3)
    rake (13.0.1)

PLATFORMS
  ruby

DEPENDENCIES
  rake
  termistat!
